GEM
  remote: https://rubygems.org/
  specs:
    base64 (0.2.0)
    bormashino (0.3.0)
      json_pure (~> 2.6, >= 2.6.1)
      os (~> 1.1, >= 1.1.4)
      ruby2_keywords (= 0.0.4)
      sinatra (>= 4.0.0)
    json_pure (2.6.3)
    logger (1.6.1)
    mustermann (3.0.3)
      ruby2_keywords (~> 0.0.1)
    os (1.1.4)
    rack (3.1.11)
    rack-protection (4.1.0)
      base64 (>= 0.1.0)
      logger (>= 1.6.0)
      rack (>= 3.0.0, < 4)
    rack-session (2.0.0)
      rack (>= 3.0.0)
    ruby2_keywords (0.0.4)
    sinatra (4.1.0)
      logger (>= 1.6.0)
      mustermann (~> 3.0)
      rack (>= 3.0.0, < 4)
      rack-protection (= 4.1.0)
      rack-session (>= 2.0.0, < 3)
      tilt (~> 2.0)
    tilt (2.4.0)

PLATFORMS
  x86_64-linux

DEPENDENCIES
  bormashino (~> 0.3.0)
  json_pure (~> 2.6, >= 2.6.1)
  ruby2_keywords (= 0.0.4)
  sinatra (>= 4.0.0)

BUNDLED WITH
   2.4.6
